GEM
  remote: http://rubygems.org/
  specs:
    ZenTest (4.9.3)
    activesupport (3.2.9)
      i18n (~> 0.6)
      multi_json (~> 1.0)
    autotest (4.4.6)
      ZenTest (>= 4.4.1)
    builder (3.1.4)
    crack (0.3.1)
    diff-lcs (1.1.3)
    fakeweb (1.3.0)
    git (1.2.5)
    i18n (0.6.1)
    jeweler (1.8.4)
      bundler (~> 1.0)
      git (>= 1.2.5)
      rake
      rdoc
    json (1.7.5)
    mime-types (1.19)
    multi_json (1.3.7)
    nokogiri (1.5.5)
    nokogiri-happymapper (0.5.6)
      nokogiri (~> 1.5)
    rake (10.0.2)
    rdoc (3.12)
      json (~> 1.4)
    rest-client (1.6.7)
      mime-types (>= 1.16)
    rspec (2.12.0)
      rspec-core (~> 2.12.0)
      rspec-expectations (~> 2.12.0)
      rspec-mocks (~> 2.12.0)
    rspec-core (2.12.0)
    rspec-expectations (2.12.0)
      diff-lcs (~> 1.1.3)
    rspec-mocks (2.12.0)
    stale_fish (1.3.2)
      activesupport
      fakeweb

PLATFORMS
  ruby

DEPENDENCIES
  autotest
  builder
  crack
  jeweler
  nokogiri (>= 1.5.5)
  nokogiri-happymapper (>= 0.5.4)
  rake
  rest-client (~> 1.6.0)
  rspec
  stale_fish (~> 1.3.2)
