GEM
  remote: http://rubygems.org/
  specs:
    ZenTest (4.7.0)
    activesupport (3.2.1)
      i18n (~> 0.6)
      multi_json (~> 1.0)
    autotest (4.4.6)
      ZenTest (>= 4.4.1)
    bouncy-castle-java (1.5.0146.1)
    builder (3.0.0)
    crack (0.3.1)
    diff-lcs (1.1.3)
    fakeweb (1.3.0)
    git (1.2.5)
    i18n (0.6.0)
    jeweler (1.8.3)
      bundler (~> 1.0)
      git (>= 1.2.5)
      rake
      rdoc
    jruby-openssl (0.7.7)
      bouncy-castle-java (>= 1.5.0146.1)
    json (1.6.5)
    json (1.6.5-java)
    mime-types (1.17.2)
    multi_json (1.0.4)
    nokogiri (1.5.5)
    nokogiri (1.5.5-java)
    nokogiri-happymapper (0.5.4)
      nokogiri (~> 1.4)
    rake (0.9.2.2)
    rdoc (3.12)
      json (~> 1.4)
    rest-client (1.6.7)
      mime-types (>= 1.16)
    rspec (2.8.0)
      rspec-core (~> 2.8.0)
      rspec-expectations (~> 2.8.0)
      rspec-mocks (~> 2.8.0)
    rspec-core (2.8.0)
    rspec-expectations (2.8.0)
      diff-lcs (~> 1.1.2)
    rspec-mocks (2.8.0)
    stale_fish (1.3.2)
      activesupport
      fakeweb

PLATFORMS
  java
  ruby

DEPENDENCIES
  autotest
  builder
  crack
  jeweler
  jruby-openssl
  nokogiri (>= 1.5.5)
  nokogiri-happymapper (>= 0.5.4)
  rake
  rest-client (~> 1.6.0)
  rspec
  stale_fish (~> 1.3.2)
