GEM
  remote: http://rubygems.org/
  specs:
    activesupport (2.3.8)
    builder (2.1.2)
    columnize (0.3.2)
    fakeweb (1.2.8)
    gemcutter (0.6.1)
    git (1.2.5)
    happymapper (0.3.2)
      libxml-ruby (~> 1.1.3)
    jeweler (1.4.0)
      gemcutter (>= 0.1.0)
      git (>= 1.2.5)
      rubyforge (>= 2.0.0)
    json_pure (1.4.5)
    libxml-ruby (1.1.4)
    linecache (0.43)
    mime-types (1.16)
    nokogiri (1.4.4)
    rake (0.8.7)
    rest-client (1.6.0)
      mime-types (>= 1.16)
    rspec (1.3.2)
    ruby-debug (0.10.4)
      columnize (>= 0.1)
      ruby-debug-base (~> 0.10.4.0)
    ruby-debug-base (0.10.4)
      linecache (>= 0.3)
    rubyforge (2.0.4)
      json_pure (>= 1.1.7)
    stale_fish (1.3.0)
      activesupport
      fakeweb

PLATFORMS
  ruby

DEPENDENCIES
  builder
  happymapper (>= 0.3.2)
  jeweler
  nokogiri (~> 1.4)
  rake
  rest-client (~> 1.6.0)
  rspec (~> 1.3.0)
  ruby-debug
  stale_fish (~> 1.3.0)
